REDIRECTS: ON
STRATEGY: MIN
RESTRICTION: == net461
NUGET
  remote: https://api.nuget.org/v3/index.json
    log4net (2.0.8)
    Microsoft.AspNet.WebApi.Client (5.2.3)
      Newtonsoft.Json (>= 6.0.4)
    Microsoft.AspNet.WebApi.Core (5.2.3)
      Microsoft.AspNet.WebApi.Client (>= 5.2.3)
    Microsoft.Azure.KeyVault.Core (1.0)
    Microsoft.Azure.ServiceBus (3.0.2)
    Microsoft.Azure.ServiceBus.EventProcessorHost (2.2.10)
      Newtonsoft.Json (>= 6.0.8)
      WindowsAzure.ServiceBus (>= 3.4.5)
      WindowsAzure.Storage (>= 4.3)
    Microsoft.Azure.WebJobs (2.2)
      Microsoft.Azure.WebJobs.Core (2.2)
      Microsoft.Extensions.Logging.Abstractions (>= 1.1.1)
      Newtonsoft.Json (>= 9.0.1)
      WindowsAzure.Storage (>= 7.2.1)
    Microsoft.Azure.WebJobs.Core (2.2)
    Microsoft.Azure.WebJobs.Extensions (2.2)
      Microsoft.Azure.WebJobs (>= 2.2)
      Microsoft.Tpl.Dataflow (>= 4.5.24)
      ncrontab (>= 3.3)
    Microsoft.Azure.WebJobs.Extensions.Http (1.1)
      Microsoft.AspNet.WebApi.Core (>= 5.2.3)
      Microsoft.Azure.WebJobs.Extensions (>= 2.2)
    Microsoft.Azure.WebJobs.ServiceBus (2.2)
      Microsoft.Azure.ServiceBus.EventProcessorHost (>= 2.2.10)
      Microsoft.Azure.WebJobs (2.2)
      Newtonsoft.Json (>= 9.0.1)
      WindowsAzure.ServiceBus (>= 3.4.5)
    Microsoft.Data.Edm (5.6.4)
    Microsoft.Data.OData (5.6.4)
      Microsoft.Data.Edm (5.6.4)
      System.Spatial (5.6.4)
    Microsoft.Data.Services.Client (5.6.4)
      Microsoft.Data.OData (5.6.4)
    Microsoft.Extensions.Logging.Abstractions (1.1.1)
      NETStandard.Library (>= 1.6.1)
    Microsoft.NET.Sdk.Functions (1.0.13)
      Microsoft.Azure.WebJobs (>= 2.2 < 2.3)
      Microsoft.Azure.WebJobs.Extensions (>= 2.2 < 2.3)
      Microsoft.Azure.WebJobs.Extensions.Http (>= 1.1 < 1.2)
      Newtonsoft.Json (9.0.1)
      System.ValueTuple (>= 4.3)
    Microsoft.NETCore.Platforms (1.1)
    Microsoft.Tpl.Dataflow (4.5.24)
    Microsoft.Win32.Primitives (4.3)
    ncrontab (3.3)
    NETStandard.Library (1.6.1)
      Microsoft.NETCore.Platforms (>= 1.1)
      Microsoft.Win32.Primitives (>= 4.3)
      System.AppContext (>= 4.3)
      System.Collections (>= 4.3)
      System.Collections.Concurrent (>= 4.3)
      System.Console (>= 4.3)
      System.Diagnostics.Debug (>= 4.3)
      System.Diagnostics.Tools (>= 4.3)
      System.Diagnostics.Tracing (>= 4.3)
      System.Globalization (>= 4.3)
      System.Globalization.Calendars (>= 4.3)
      System.IO (>= 4.3)
      System.IO.Compression (>= 4.3)
      System.IO.Compression.ZipFile (>= 4.3)
      System.IO.FileSystem (>= 4.3)
      System.IO.FileSystem.Primitives (>= 4.3)
      System.Linq (>= 4.3)
      System.Linq.Expressions (>= 4.3)
      System.Net.Http (>= 4.3)
      System.Net.Primitives (>= 4.3)
      System.Net.Sockets (>= 4.3)
      System.ObjectModel (>= 4.3)
      System.Reflection (>= 4.3)
      System.Reflection.Extensions (>= 4.3)
      System.Reflection.Primitives (>= 4.3)
      System.Resources.ResourceManager (>= 4.3)
      System.Runtime (>= 4.3)
      System.Runtime.Extensions (>= 4.3)
      System.Runtime.Handles (>= 4.3)
      System.Runtime.InteropServices (>= 4.3)
      System.Runtime.InteropServices.RuntimeInformation (>= 4.3)
      System.Runtime.Numerics (>= 4.3)
      System.Security.Cryptography.Algorithms (>= 4.3)
      System.Security.Cryptography.Encoding (>= 4.3)
      System.Security.Cryptography.Primitives (>= 4.3)
      System.Security.Cryptography.X509Certificates (>= 4.3)
      System.Text.Encoding (>= 4.3)
      System.Text.Encoding.Extensions (>= 4.3)
      System.Text.RegularExpressions (>= 4.3)
      System.Threading (>= 4.3)
      System.Threading.Tasks (>= 4.3)
      System.Threading.Timer (>= 4.3)
      System.Xml.ReaderWriter (>= 4.3)
      System.Xml.XDocument (>= 4.3)
    Newtonsoft.Json (9.0.1)
    System.AppContext (4.3)
    System.Collections (4.3)
    System.Collections.Concurrent (4.3)
    System.Console (4.3)
    System.Diagnostics.Debug (4.3)
    System.Diagnostics.DiagnosticSource (4.3)
    System.Diagnostics.Tools (4.3)
    System.Diagnostics.Tracing (4.3)
    System.Globalization (4.3)
    System.Globalization.Calendars (4.3)
    System.IO (4.3)
    System.IO.Compression (4.3)
    System.IO.Compression.ZipFile (4.3)
    System.IO.FileSystem (4.3)
      System.IO.FileSystem.Primitives (>= 4.3)
    System.IO.FileSystem.Primitives (4.3)
    System.Linq (4.3)
    System.Linq.Expressions (4.3)
    System.Net.Http (4.3)
      System.Diagnostics.DiagnosticSource (>= 4.3)
      System.Security.Cryptography.X509Certificates (>= 4.3)
    System.Net.Primitives (4.3)
    System.Net.Sockets (4.3)
    System.ObjectModel (4.3)
    System.Reflection (4.3)
    System.Reflection.Extensions (4.3)
    System.Reflection.Primitives (4.3)
    System.Resources.ResourceManager (4.3)
    System.Runtime (4.3)
    System.Runtime.Extensions (4.3)
    System.Runtime.Handles (4.3)
    System.Runtime.InteropServices (4.3)
    System.Runtime.InteropServices.RuntimeInformation (4.3)
    System.Runtime.Numerics (4.3)
    System.Security.Cryptography.Algorithms (4.3)
      System.Security.Cryptography.Primitives (>= 4.3)
    System.Security.Cryptography.Encoding (4.3)
    System.Security.Cryptography.Primitives (4.3)
    System.Security.Cryptography.X509Certificates (4.3)
      System.Security.Cryptography.Algorithms (>= 4.3)
      System.Security.Cryptography.Encoding (>= 4.3)
    System.Spatial (5.6.4)
    System.Text.Encoding (4.3)
    System.Text.Encoding.Extensions (4.3)
    System.Text.RegularExpressions (4.3)
    System.Threading (4.3)
    System.Threading.Tasks (4.3)
    System.Threading.Timer (4.3)
    System.ValueTuple (4.3)
    System.Xml.ReaderWriter (4.3)
    System.Xml.XDocument (4.3)
    Topshelf (4.2.1)
    Topshelf.Log4Net (4.2.1)
      log4net (>= 2.0.8)
      Topshelf (>= 4.2.1)
    WindowsAzure.ServiceBus (3.4.5)
    WindowsAzure.Storage (7.2.1)
      Microsoft.Azure.KeyVault.Core (>= 1.0)
      Microsoft.Data.OData (>= 5.6.4)
      Microsoft.Data.Services.Client (>= 5.6.4)
      Newtonsoft.Json (>= 6.0.8)
